GIT
  remote: https://github.com/nbyun/rack-gridfs-new.git
  revision: bd392c150d4aa8512573f7ca9a44b8352062bef0
  specs:
    rack-gridfs-new (0.0.1)
      mongo (~> 2.0)
      rack (>= 1.0)

GEM
  remote: https://gems.ruby-china.com/
  specs:
    activemodel (5.2.2.1)
      activesupport (= 5.2.2.1)
    activesupport (5.2.2.1)
      concurrent-ruby (~> 1.0, >= 1.0.2)
      i18n (>= 0.7, < 2)
      minitest (~> 5.1)
      tzinfo (~> 1.1)
    bson (4.4.2)
    concurrent-ruby (1.1.5)
    i18n (1.6.0)
      concurrent-ruby (~> 1.0)
    mapel (0.1.6)
    mini_magick (4.9.3)
    minitest (5.11.3)
    mongo (2.7.1)
      bson (>= 4.4.2, < 5.0.0)
    mongoid (7.0.2)
      activemodel (>= 5.1, < 6.0.0)
      mongo (>= 2.5.1, < 3.0.0)
    mustermann (1.0.3)
    rack (2.0.6)
    rack-protection (2.0.5)
      rack
    rack-thumb (0.2.4)
      mapel (>= 0.1.6)
      rack
    rake (12.3.2)
    sinatra (2.0.5)
      mustermann (~> 1.0)
      rack (~> 2.0)
      rack-protection (= 2.0.5)
      tilt (~> 2.0)
    thread_safe (0.3.6)
    tilt (2.0.9)
    tzinfo (1.2.5)
      thread_safe (~> 0.1)

PLATFORMS
  ruby

DEPENDENCIES
  mini_magick
  mongo
  mongoid
  rack-gridfs-new!
  rack-thumb
  rake
  sinatra

BUNDLED WITH
   1.16.6
